GEM
  remote: https://rubygems.org/
  specs:
    diff-lcs (1.2.4)
    mime-types (1.25)
    pg (0.17.0)
    rake (10.1.0)
    rest-client (1.6.7)
      mime-types (>= 1.16)
    rspec (2.14.1)
      rspec-core (~> 2.14.0)
      rspec-expectations (~> 2.14.0)
      rspec-mocks (~> 2.14.0)
    rspec-core (2.14.5)
    rspec-expectations (2.14.3)
      diff-lcs (>= 1.1.3, < 2.0)
    rspec-mocks (2.14.3)
    sequel (4.3.0)

PLATFORMS
  ruby

DEPENDENCIES
  pg
  rake
  rest-client
  rspec
  sequel
